PATH
  remote: .
  specs:
    viewpoint-spws (0.5.0)
      httpclient (~> 2.2.4)
      logging (~> 1.6.1)
      nokogiri (~> 1.5.0)
      rubyntlm

GEM
  remote: http://rubygems.org/
  specs:
    diff-lcs (1.2.4)
    httpclient (2.2.7)
    little-plugger (1.1.3)
    logging (1.6.2)
      little-plugger (>= 1.1.3)
    nokogiri (1.5.10)
    nokogiri (1.5.10-java)
    rake (10.1.0)
    rspec (2.14.1)
      rspec-core (~> 2.14.0)
      rspec-expectations (~> 2.14.0)
      rspec-mocks (~> 2.14.0)
    rspec-core (2.14.5)
    rspec-expectations (2.14.3)
      diff-lcs (>= 1.1.3, < 2.0)
    rspec-mocks (2.14.3)
    rubyntlm (0.4.0)

PLATFORMS
  java
  ruby

DEPENDENCIES
  nokogiri
  rake
  rspec
  viewpoint-spws!
